GEM
  remote: https://rubygems.org/
  specs:
    addressable (2.7.0)
      public_suffix (>= 2.0.2, < 5.0)
    ast (2.4.0)
    colorize (0.8.1)
    coveralls (0.7.2)
      multi_json (~> 1.3)
      rest-client (= 1.6.7)
      simplecov (>= 0.7)
      term-ansicolor (= 1.2.2)
      thor (= 0.18.1)
    crack (0.4.3)
      safe_yaml (~> 1.0.0)
    docile (1.3.2)
    faraday (0.17.0)
      multipart-post (>= 1.2, < 3)
    hashdiff (1.0.0)
    jaro_winkler (1.5.3)
    json (2.2.0)
    mime-types (3.3)
      mime-types-data (~> 3.2015)
    mime-types-data (3.2019.1009)
    minitest (5.12.2)
    multi_json (1.13.1)
    multipart-post (2.1.1)
    octokit (4.14.0)
      sawyer (~> 0.8.0, >= 0.5.3)
    parallel (1.18.0)
    parser (2.6.5.0)
      ast (~> 2.4.0)
    public_suffix (4.0.1)
    rainbow (3.0.0)
    rest-client (1.6.7)
      mime-types (>= 1.16)
    rubocop (0.75.0)
      jaro_winkler (~> 1.5.1)
      parallel (~> 1.10)
      parser (>= 2.6)
      rainbow (>= 2.2.2, < 4.0)
      ruby-progressbar (~> 1.7)
      unicode-display_width (>= 1.4.0, < 1.7)
    ruby-progressbar (1.10.1)
    safe_yaml (1.0.5)
    sawyer (0.8.2)
      addressable (>= 2.3.5)
      faraday (> 0.8, < 2.0)
    simplecov (0.17.1)
      docile (~> 1.1)
      json (>= 1.8, < 3)
      simplecov-html (~> 0.10.0)
    simplecov-html (0.10.2)
    term-ansicolor (1.2.2)
      tins (~> 0.8)
    thor (0.18.1)
    tins (0.13.2)
    unicode-display_width (1.6.0)
    webmock (3.7.6)
      addressable (>= 2.3.6)
      crack (>= 0.3.2)
      hashdiff (>= 0.4.0, < 2.0.0)

PLATFORMS
  ruby

DEPENDENCIES
  colorize
  coveralls
  minitest
  octokit
  rubocop
  simplecov
  webmock

RUBY VERSION
   ruby 2.4.0p0

BUNDLED WITH
   2.0.1
